GEM
  remote: https://rubygems.org/
  specs:
    byebug (10.0.2)
    httparty (0.16.3)
      mime-types (~> 3.0)
      multi_xml (>= 0.5.2)
    jasmine (3.3.0)
      jasmine-core (~> 3.3.0)
      phantomjs
      rack (>= 1.2.1)
      rake
    jasmine-core (3.3.0)
    mime-types (3.2.2)
      mime-types-data (~> 3.2015)
    mime-types-data (3.2018.0812)
    mini_portile2 (2.3.0)
    multi_xml (0.6.0)
    nokogiri (1.8.5)
      mini_portile2 (~> 2.3.0)
    phantomjs (2.1.1.0)
    rack (2.0.6)
    rake (12.3.1)

PLATFORMS
  ruby

DEPENDENCIES
  byebug
  httparty
  jasmine
  nokogiri

RUBY VERSION
   ruby 2.3.3p222

BUNDLED WITH
   1.17.1
